GEM
  remote: https://rubygems.org/
  specs:
    mini_portile2 (2.2.0)
    nokogiri (1.8.0)
      mini_portile2 (~> 2.2.0)
    rack (2.0.1)

PLATFORMS
  ruby

DEPENDENCIES
  nokogiri
  rack

BUNDLED WITH
   1.15.3
