GEM
  remote: https://rubygems.org/
  specs:
    mini_portile2 (2.6.1)
    nio4r (2.5.8)
    nokogiri (1.12.5)
      mini_portile2 (~> 2.6.1)
      racc (~> 1.4)
    puma (5.5.2)
      nio4r (~> 2.0)
    racc (1.6.0)
    rack (2.2.3)

PLATFORMS
  aarch64-linux

DEPENDENCIES
  nokogiri
  puma
  rack

BUNDLED WITH
   2.2.30
