GEM
  remote: https://rubygems.org/
  specs:
    nio4r (2.5.8)
    nokogiri (1.12.5-x86_64-darwin)
      racc (~> 1.4)
    puma (5.5.2)
      nio4r (~> 2.0)
    racc (1.6.0)
    rack (2.2.3)

PLATFORMS
  x86_64-darwin-20

DEPENDENCIES
  nokogiri
  puma
  rack

BUNDLED WITH
   2.2.22
